GEM
  specs:
    json (1.7.7)
    redis (3.0.2)

PLATFORMS
  ruby

DEPENDENCIES
  json
  redis
